PATH
  remote: .
  specs:
    git-webby (0.2.0)
      sinatra (>= 1.0)

GEM
  remote: http://rubygems.org/
  specs:
    rack (1.3.5)
    rack-protection (1.1.4)
      rack
    rack-test (0.6.1)
      rack (>= 1.0)
    rake (0.9.2.2)
    sinatra (1.3.1)
      rack (~> 1.3, >= 1.3.4)
      rack-protection (~> 1.1, >= 1.1.2)
      tilt (~> 1.3, >= 1.3.3)
    tilt (1.3.3)

PLATFORMS
  ruby

DEPENDENCIES
  git-webby!
  rack-test
  rake
